GEM
  remote: https://rubygems.org/
  specs:
    addressable (2.3.8)
    cookiejar (0.3.3)
    dotenv (2.1.1)
    em-http-request (1.1.5)
      addressable (>= 2.3.4)
      cookiejar (!= 0.3.1)
      em-socksify (>= 0.3)
      eventmachine (>= 1.0.3)
      http_parser.rb (>= 0.6.0)
    em-socksify (0.3.1)
      eventmachine (>= 1.0.0.beta.4)
    eventmachine (1.2.0.1)
    http_parser.rb (0.6.0)
    keen (0.9.6)
      addressable (~> 2.3.5)
      multi_json (~> 1.3)
    multi_json (1.12.1)

PLATFORMS
  ruby

DEPENDENCIES
  dotenv
  em-http-request (~> 1.0)
  keen
